PATH
  remote: .
  specs:
    basicjrpc (0.1.80)
      hashie
      oj
      redis
      require_all

GEM
  remote: https://rubygems.org/
  specs:
    diff-lcs (1.3)
    hashie (4.1.0)
    oj (3.10.5)
    rake (10.5.0)
    redis (4.1.3)
    require_all (3.0.0)
    rspec (3.9.0)
      rspec-core (~> 3.9.0)
      rspec-expectations (~> 3.9.0)
      rspec-mocks (~> 3.9.0)
    rspec-core (3.9.1)
      rspec-support (~> 3.9.1)
    rspec-expectations (3.9.0)
      diff-lcs (>= 1.2.0, < 2.0)
      rspec-support (~> 3.9.0)
    rspec-mocks (3.9.1)
      diff-lcs (>= 1.2.0, < 2.0)
      rspec-support (~> 3.9.0)
    rspec-support (3.9.2)

PLATFORMS
  ruby

DEPENDENCIES
  basicjrpc!
  bundler (~> 1.17)
  rake (~> 10.0)
  rspec

BUNDLED WITH
   1.17.3
